GIT
  remote: git://github.com/tokhi/tts.git
  revision: 9c43ed25b0123c1caa9d871b8046fc07cdedab3f
  specs:
    tts (0.5.0)

GEM
  specs:
    rack (1.6.4)
    rack-protection (1.5.3)
      rack
    sinatra (1.4.6)
      rack (~> 1.4)
      rack-protection (~> 1.4)
      tilt (>= 1.3, < 3)
    tilt (1.4.1)

PLATFORMS
  ruby

DEPENDENCIES
  sinatra
  tts!
